GIT
  remote: https://github.com/rvillage/pr-daikou.git
  revision: 6bcbcac5c34bbf9de5ce86dafe21b56b0999aaa4
  branch: draft
  specs:
    pr-daikou (0.0.1)

GEM
  remote: https://rubygems.org/
  specs:
    ast (2.3.0)
    parallel (1.12.1)
    parser (2.4.0.2)
      ast (~> 2.3)
    powerpack (0.1.1)
    rainbow (3.0.0)
    rubocop (0.52.1)
      parallel (~> 1.10)
      parser (>= 2.4.0.2, < 3.0)
      powerpack (~> 0.1)
      rainbow (>= 2.2.2, < 4.0)
      ruby-progressbar (~> 1.7)
      unicode-display_width (~> 1.0, >= 1.0.1)
    ruby-progressbar (1.9.0)
    unicode-display_width (1.3.0)

PLATFORMS
  ruby

DEPENDENCIES
  pr-daikou!
  rubocop

BUNDLED WITH
   1.16.1
