GIT
  remote: https://github.com/rvillage/rubocop-automata.git
  revision: 318906c626e34e5d6b34c92ad3db04ac462e25a3
  specs:
    rubocop-automata (0.0.1)
      rubocop

GEM
  remote: https://rubygems.org/
  specs:
    ast (2.3.0)
    parallel (1.12.1)
    parser (2.4.0.2)
      ast (~> 2.3)
    powerpack (0.1.1)
    rainbow (3.0.0)
    rubocop (0.52.0)
      parallel (~> 1.10)
      parser (>= 2.4.0.2, < 3.0)
      powerpack (~> 0.1)
      rainbow (>= 2.2.2, < 4.0)
      ruby-progressbar (~> 1.7)
      unicode-display_width (~> 1.0, >= 1.0.1)
    ruby-progressbar (1.9.0)
    unicode-display_width (1.3.0)

PLATFORMS
  ruby

DEPENDENCIES
  rubocop-automata!

BUNDLED WITH
   1.15.4
